GEM
  remote: https://rubygems.org/
  specs:
    grpc-tools (1.0.1)

PLATFORMS
  ruby

DEPENDENCIES
  grpc-tools

BUNDLED WITH
   1.16.2
